PATH
  remote: .
  specs:
    ruby-progressbar (1.10.0)

GEM
  remote: https://rubygems.org/
  specs:
    awesome_print (1.8.0)
    diff-lcs (1.3)
    fuubar (2.3.2)
      rspec-core (~> 3.0)
      ruby-progressbar (~> 1.4)
    rspec (3.7.0)
      rspec-core (~> 3.7.0)
      rspec-expectations (~> 3.7.0)
      rspec-mocks (~> 3.7.0)
    rspec-core (3.7.1)
      rspec-support (~> 3.7.0)
    rspec-expectations (3.7.0)
      diff-lcs (>= 1.2.0, < 2.0)
      rspec-support (~> 3.7.0)
    rspec-mocks (3.7.0)
      diff-lcs (>= 1.2.0, < 2.0)
      rspec-support (~> 3.7.0)
    rspec-support (3.7.1)
    rspectacular (0.70.7)
      fuubar (~> 2.0)
      rspec (~> 3.1)
    ruby-prof (0.15.8)
    timecop (0.6.0)
    warning_filter (0.0.6)

PLATFORMS
  ruby

DEPENDENCIES
  awesome_print (~> 1.6)
  fuubar (~> 2.3)
  rspec (~> 3.7)
  rspectacular (~> 0.70.6)
  ruby-prof (~> 0.15.8)
  ruby-progressbar!
  timecop (= 0.6.0)
  warning_filter (~> 0.0.6)

BUNDLED WITH
   1.16.2
